GEM
  remote: https://rubygems.org/
  specs:
    rouge (1.11.1)
    xcpretty (0.2.4)
      rouge (~> 1.8)

PLATFORMS
  ruby

DEPENDENCIES
  xcpretty

BUNDLED WITH
   1.10.2
